PATH
  remote: .
  specs:
    timezoner (0.0.1)

GEM
  remote: http://rubygems.org/
  specs:
    ansi (1.3.0)
    diff-lcs (1.1.2)
    geocoder (1.0.2)
    rspec (2.6.0)
      rspec-core (~> 2.6.0)
      rspec-expectations (~> 2.6.0)
      rspec-mocks (~> 2.6.0)
    rspec-core (2.6.4)
    rspec-expectations (2.6.0)
      diff-lcs (~> 1.1.2)
    rspec-mocks (2.6.0)
    turn (0.8.2)
      ansi (>= 1.2.2)

PLATFORMS
  ruby

DEPENDENCIES
  geocoder
  rspec
  timezoner!
  turn
